GEM
  remote: https://rubygems.org/
  specs:
    ast (2.3.0)
    backports (3.6.8)
    byebug (8.2.2)
    diff-lcs (1.2.5)
    dotenv (2.1.0)
    multi_json (1.11.2)
    parser (2.3.1.4)
      ast (~> 2.2)
    powerpack (0.1.1)
    puma (2.16.0)
    rack (1.6.4)
    rack-protection (1.5.3)
      rack
    rack-test (0.6.3)
      rack (>= 1.0)
    rainbow (2.1.0)
    rspec (3.5.0)
      rspec-core (~> 3.5.0)
      rspec-expectations (~> 3.5.0)
      rspec-mocks (~> 3.5.0)
    rspec-core (3.5.4)
      rspec-support (~> 3.5.0)
    rspec-expectations (3.5.0)
      diff-lcs (>= 1.2.0, < 2.0)
      rspec-support (~> 3.5.0)
    rspec-mocks (3.5.0)
      diff-lcs (>= 1.2.0, < 2.0)
      rspec-support (~> 3.5.0)
    rspec-support (3.5.0)
    rubocop (0.45.0)
      parser (>= 2.3.1.1, < 3.0)
      powerpack (~> 0.1)
      rainbow (>= 1.99.1, < 3.0)
      ruby-progressbar (~> 1.7)
      unicode-display_width (~> 1.0, >= 1.0.1)
    ruby-progressbar (1.8.1)
    sinatra (1.4.7)
      rack (~> 1.5)
      rack-protection (~> 1.4)
      tilt (>= 1.3, < 3)
    sinatra-contrib (1.4.6)
      backports (>= 2.0)
      multi_json
      rack-protection
      rack-test
      sinatra (~> 1.4.0)
      tilt (>= 1.3, < 3)
    snmp (1.2.0)
    tilt (2.0.2)
    unicode-display_width (1.1.1)

PLATFORMS
  ruby

DEPENDENCIES
  byebug
  dotenv
  puma
  rspec
  rubocop
  sinatra
  sinatra-contrib
  snmp

BUNDLED WITH
   1.12.5
